GEM
  remote: https://rubygems.org/
  specs:
    haml (4.0.3)
      tilt
    manywho-sdk (1.0.4)
    rack (1.6.13)
    rack-protection (1.5.5)
      rack
    rack-ssl-enforcer (0.2.5)
    sinatra (1.4.8)
      rack (~> 1.5)
      rack-protection (~> 1.4)
      tilt (>= 1.3, < 3)
    tilt (2.0.10)

PLATFORMS
  ruby

DEPENDENCIES
  haml (= 4.0.3)
  manywho-sdk (= 1.0.4)
  rack-ssl-enforcer (= 0.2.5)
  sinatra (= 1.4.8)
