GEM
  remote: https://rubygems.org/
  specs:
    haml (4.0.3)
      tilt
    manywho-sdk (1.0.4)
    rack (1.5.2)
    rack-ssl-enforcer (0.2.5)
    sinatra (1.1.0)
      rack (~> 1.1)
      tilt (~> 1.1)
    tilt (1.4.1)

PLATFORMS
  ruby

DEPENDENCIES
  haml (= 4.0.3)
  manywho-sdk (= 1.0.4)
  rack-ssl-enforcer (= 0.2.5)
  sinatra (= 1.1.0)
